GEM
  remote: https://rubygems.org/
  specs:
    concurrent-ruby (1.2.2)

PLATFORMS
  x86_64-linux

DEPENDENCIES
  concurrent-ruby

RUBY VERSION
   ruby 3.3.4p94

BUNDLED WITH
   2.4.19
